PATH
  remote: .
  specs:
    tumblr-api-v2 (0.0.2)
      httparty (~> 0.8.1)

GEM
  remote: http://rubygems.org/
  specs:
    diff-lcs (1.1.3)
    fakeweb (1.3.0)
    httparty (0.8.1)
      multi_json
      multi_xml
    multi_json (1.0.3)
    multi_xml (0.4.1)
    rspec (2.7.0)
      rspec-core (~> 2.7.0)
      rspec-expectations (~> 2.7.0)
      rspec-mocks (~> 2.7.0)
    rspec-core (2.7.1)
    rspec-expectations (2.7.0)
      diff-lcs (~> 1.1.2)
    rspec-mocks (2.7.0)
    vcr (2.0.0.beta2)

PLATFORMS
  ruby

DEPENDENCIES
  fakeweb (~> 1.3.0)
  rspec (~> 2.7)
  tumblr-api-v2!
  vcr (~> 2.0.0.beta2)
